GEM
  remote: http://rubygems.org/
  specs:
    domain_name (0.5.20161021)
      unf (>= 0.0.5, < 1.0.0)
    dotenv (2.1.1)
    http-cookie (1.0.3)
      domain_name (~> 0.5)
    jwt (1.5.6)
    mime-types (3.1)
      mime-types-data (~> 3.2015)
    mime-types-data (3.2016.0521)
    mini_portile2 (2.1.0)
    netrc (0.11.0)
    nokogiri (1.6.8.1)
      mini_portile2 (~> 2.1.0)
    rest-client (2.0.0)
      http-cookie (>= 1.0.2, < 2.0)
      mime-types (>= 1.16, < 4.0)
      netrc (~> 0.8)
    reverse_markdown (0.8.2)
      nokogiri
    so_far_so_good (1.2.0)
      nokogiri
      reverse_markdown (~> 0.7)
      terminal-table
    terminal-table (1.7.3)
      unicode-display_width (~> 1.1.1)
    unf (0.1.4)
      unf_ext
    unf_ext (0.0.7.2)
    unicode-display_width (1.1.1)

PLATFORMS
  ruby

DEPENDENCIES
  dotenv
  jwt
  rest-client
  so_far_so_good

BUNDLED WITH
   1.13.6
